GEM
  remote: https://rubygems.org/
  specs:
    coderay (1.1.0)